GEM
  remote: https://rubygems.org/
  specs:
    awesome_print (1.7.0)
    childprocess (0.5.9)
      ffi (~> 1.0, >= 1.0.11)
    ethon (0.9.0)
      ffi (>= 1.3.0)
    ffi (1.9.14)
    mini_portile2 (2.1.0)
    nokogiri (1.6.8)
      mini_portile2 (~> 2.1.0)
      pkg-config (~> 1.1.7)
    pkg-config (1.1.7)
    rubyzip (1.2.0)
    selenium-webdriver (2.53.4)
      childprocess (~> 0.5)
      rubyzip (~> 1.0)
      websocket (~> 1.0)
    sitemap-parser (0.3.0)
      nokogiri (~> 1.6)
      typhoeus (~> 0.6)
    typhoeus (0.8.0)
      ethon (>= 0.8.0)
    websocket (1.2.3)

PLATFORMS
  ruby

DEPENDENCIES
  awesome_print
  selenium-webdriver
  sitemap-parser

BUNDLED WITH
   1.12.5
