GEM
  remote: https://rubygems.org/
  specs:
    awesome_print (1.7.0)
    sequel (4.38.0)
    sqlite3 (1.3.11)
    terminal-table (1.7.0)
      unicode-display_width (~> 1.1)
    thor (0.19.1)
    unicode-display_width (1.1.0)

PLATFORMS
  ruby

DEPENDENCIES
  awesome_print
  sequel
  sqlite3
  terminal-table
  thor

BUNDLED WITH
   1.12.5
