GEM
  remote: https://rubygems.org/
  specs:
    awesome_print (1.6.1)
    mysql2 (0.4.4)
    sequel (4.34.0)
    sqlite3 (1.3.11)
    terminal-table (1.5.2)
    thor (0.19.1)

PLATFORMS
  ruby

DEPENDENCIES
  awesome_print
  mysql2
  sequel
  sqlite3
  terminal-table
  thor

BUNDLED WITH
   1.10.4
